GEM
  remote: https://rubygems.org/
  specs:
    gosu (1.0.0)
    vector2d-ruby (1.1.0)

PLATFORMS
  ruby

DEPENDENCIES
  gosu (~> 1.0)
  vector2d-ruby (~> 1.1)

BUNDLED WITH
   2.1.4
