GEM
  remote: https://rubygems.org/
  specs:
    gosu (1.0.0)

PLATFORMS
  ruby

DEPENDENCIES
  gosu (~> 1.0)

BUNDLED WITH
   2.1.4
